REDIRECTS: ON
NUGET
  remote: https://nuget.org/api/v2
  specs:
    FluentAssertions (3.4.0)
    Machine.Specifications (0.9.2)
    Mongo2Go (0.1.4)
    MongoDB.Bson (2.0.1)
    MongoDB.Driver (2.0.1)
      MongoDB.Bson (>= 2.0.1)
      MongoDB.Driver.Core (>= 2.0.1)
    MongoDB.Driver.Core (2.0.1)
      MongoDB.Bson (>= 2.0.1)
    System.Collections.Immutable (1.1.36)
